GEM
  remote: http://rubygems.org/
  specs:
    daemons (1.1.9)
    dbf (2.0.6)
      fastercsv (~> 1.5.4)
    eventmachine (1.0.3)
    fastercsv (1.5.5)
    json (1.8.0)
    rack (1.5.2)
    rack-protection (1.5.0)
      rack
    sinatra (1.4.3)
      rack (~> 1.4)
      rack-protection (~> 1.4)
      tilt (~> 1.3, >= 1.3.4)
    thin (1.6.0)
      daemons (>= 1.0.9)
      eventmachine (>= 1.0.0)
      rack (>= 1.5.0)
    tilt (1.4.1)

PLATFORMS
  ruby

DEPENDENCIES
  dbf
  json
  sinatra
  thin
